GEM
  remote: http://rubygems.org/
  specs:
    backports (2.3.0)
    bluecloth (2.2.0)
    daemons (1.1.6)
    diff-lcs (1.1.3)
    eventmachine (0.12.10)
    haml (3.1.4)
    rack (1.4.1)
    rack-protection (1.2.0)
      rack
    rack-test (0.6.1)
      rack (>= 1.0)
    rake (0.9.2)
    rspec (2.8.0)
      rspec-core (~> 2.8.0)
      rspec-expectations (~> 2.8.0)
      rspec-mocks (~> 2.8.0)
    rspec-core (2.8.0)
    rspec-expectations (2.8.0)
      diff-lcs (~> 1.1.2)
    rspec-mocks (2.8.0)
    sinatra (1.3.2)
      rack (~> 1.3, >= 1.3.6)
      rack-protection (~> 1.2)
      tilt (~> 1.3, >= 1.3.3)
    sinatra-contrib (1.3.1)
      backports (>= 2.0)
      eventmachine
      rack-protection
      rack-test
      sinatra (~> 1.3.0)
      tilt (~> 1.3)
    thin (1.3.1)
      daemons (>= 1.0.9)
      eventmachine (>= 0.12.6)
      rack (>= 1.0.0)
    tilt (1.3.3)

PLATFORMS
  ruby

DEPENDENCIES
  bluecloth (~> 2.2.0)
  bundler (~> 1.0.21)
  haml (~> 3.1.4)
  rack-test (~> 0.6.1)
  rake
  rspec (~> 2.8.0)
  sinatra
  sinatra-contrib
  thin (~> 1.3.1)
